GEM
  remote: https://rubygems.org/
  specs:
    awesome_print (1.6.1)
    bson (4.0.1)
    mini_portile2 (2.0.0)
    mongo (2.2.2)
      bson (~> 4.0)
    nokogiri (1.6.7.2)
      mini_portile2 (~> 2.0.0.rc2)

PLATFORMS
  ruby

DEPENDENCIES
  awesome_print
  mongo (~> 2.1)
  nokogiri
